STORAGE: NONE
RESTRICTION: == netstandard2.0
NUGET
  remote: https://www.nuget.org/api/v2
    Feliz.ViewEngine (0.17)
      FSharp.Core (>= 4.7)
    FSharp.Core (4.7)
